GEM
  remote: http://rubygems.org/
  specs:
    actionmailer (2.3.10)
      actionpack (= 2.3.10)
    actionpack (2.3.10)
      activesupport (= 2.3.10)
      rack (~> 1.1.0)
    activerecord (2.3.10)
      activesupport (= 2.3.10)
    activeresource (2.3.10)
      activesupport (= 2.3.10)
    activesupport (2.3.10)
    addressable (2.2.6)
    authlogic (2.1.6)
      activesupport
    aws (2.5.6)
      http_connection
      uuidtools
      xml-simple
    heroku (2.8.4)
      launchy (>= 0.3.2)
      rest-client (~> 1.6.1)
      rubyzip
      term-ansicolor (~> 1.0.5)
    http_connection (1.4.1)
    i18n (0.6.0)
    launchy (2.0.5)
      addressable (~> 2.2.6)
    mime-types (1.16)
    paperclip (2.3.5)
      activerecord
      activesupport
    rack (1.1.2)
    rails (2.3.10)
      actionmailer (= 2.3.10)
      actionpack (= 2.3.10)
      activerecord (= 2.3.10)
      activeresource (= 2.3.10)
      activesupport (= 2.3.10)
      rake (>= 0.8.3)
    rake (0.9.2)
    rest-client (1.6.7)
      mime-types (>= 1.16)
    rubyzip (0.9.4)
    rvideo (0.9.3)
    simple_form (1.0.2)
    term-ansicolor (1.0.6)
    uuidtools (2.1.2)
    xml-simple (1.1.0)
    zencoder (2.3.1)
      activesupport
      i18n

PLATFORMS
  ruby

DEPENDENCIES
  authlogic (= 2.1.6)
  aws (= 2.5.6)
  heroku
  paperclip (= 2.3.5)
  rails (= 2.3.10)
  rvideo (= 0.9.3)
  simple_form (= 1.0.2)
  zencoder (= 2.3.1)
